GEM
  remote: https://rubygems.org/
  specs:
    autoprefixer-rails (9.6.5)
      execjs
    bootstrap-sass (3.4.1)
      autoprefixer-rails (>= 5.2.1)
      sassc (>= 2.0.0)
    chunky_png (1.3.3)
    compass (1.0.1)
      chunky_png (~> 1.2)
      compass-core (~> 1.0.1)
      compass-import-once (~> 1.0.5)
      rb-fsevent (>= 0.9.3)
      rb-inotify (>= 0.9)
      sass (>= 3.3.13, < 3.5)
    compass-core (1.0.1)
      multi_json (~> 1.0)
      sass (>= 3.3.0, < 3.5)
    compass-import-once (1.0.5)
      sass (>= 3.2, < 3.5)
    compass_radix (3.1.5)
      bootstrap-sass (~> 3.2)
      compass (~> 1.0)
    execjs (2.7.0)
    ffi (1.9.6)
    multi_json (1.10.1)
    rb-fsevent (0.9.4)
    rb-inotify (0.9.5)
      ffi (>= 0.5.0)
    sass (3.4.25)
    sass-globbing (1.1.1)
      sass (>= 3.1)
    sassc (2.2.1)
      ffi (~> 1.9)

PLATFORMS
  ruby

DEPENDENCIES
  bootstrap-sass (~> 3.4)
  compass (~> 1.0)
  compass_radix (~> 3.1.5)
  sass-globbing (~> 1.1.1)
